PATH
  remote: .
  specs:
    global_session (1.0.0)
      json (>= 1.1.7)
      rack-contrib (>= 1.0)
      uuidtools (>= 1.0.7)

GEM
  remote: http://rubygems.org/
  specs:
    abstract (1.0.0)
    actionpack (3.0.3)
      activemodel (= 3.0.3)
      activesupport (= 3.0.3)
      builder (~> 2.1.2)
      erubis (~> 2.6.6)
      i18n (~> 0.4)
      rack (~> 1.2.1)
      rack-mount (~> 0.6.13)
      rack-test (~> 0.5.6)
      tzinfo (~> 0.3.23)
    activemodel (3.0.3)
      activesupport (= 3.0.3)
      builder (~> 2.1.2)
      i18n (~> 0.4)
    activesupport (3.0.3)
    builder (2.1.2)
    columnize (0.3.2)
    erubis (2.6.6)
      abstract (>= 1.0.0)
    flexmock (0.8.11)
    i18n (0.5.0)
    json (1.4.6)
    linecache (0.43)
    rack (1.2.1)
    rack-contrib (1.1.0)
      rack (>= 0.9.1)
    rack-mount (0.6.13)
      rack (>= 1.0.0)
    rack-test (0.5.7)
      rack (>= 1.0)
    rake (0.8.7)
    rspec (1.3.1)
    ruby-debug (0.10.4)
      columnize (>= 0.1)
      ruby-debug-base (~> 0.10.4.0)
    ruby-debug-base (0.10.4)
      linecache (>= 0.3)
    tzinfo (0.3.23)
    uuidtools (2.1.1)

PLATFORMS
  ruby

DEPENDENCIES
  actionpack (>= 2.3.0)
  flexmock (~> 0.8.6)
  global_session!
  json (>= 1.1.7)
  rack-contrib (>= 1.0)
  rake (~> 0.8.7)
  rspec (~> 1.3.0)
  ruby-debug (~> 0.10.3)
  uuidtools (>= 1.0.7)
