PATH
  remote: .
  specs:
    global_session (1.0.2)
      json (>= 1.1.7)
      rack-contrib (>= 1.0)
      uuidtools (>= 1.0.7)

GEM
  remote: http://rubygems.org/
  specs:
    actionpack (2.3.5)
      activesupport (= 2.3.5)
      rack (~> 1.1.0)
    activesupport (2.3.5)
    columnize (0.3.2)
    flexmock (0.8.11)
    json (1.5.1)
    linecache (0.43)
    rack (1.1.0)
    rack-contrib (1.1.0)
      rack (>= 0.9.1)
    rake (0.8.7)
    rspec (1.3.1)
    ruby-debug (0.10.4)
      columnize (>= 0.1)
      ruby-debug-base (~> 0.10.4.0)
    ruby-debug-base (0.10.4)
      linecache (>= 0.3)
    uuidtools (2.1.2)

PLATFORMS
  ruby

DEPENDENCIES
  actionpack (~> 2.3)
  flexmock (~> 0.8)
  global_session!
  json (>= 1.1.7)
  rack-contrib (>= 1.0)
  rake (>= 0.8.7)
  rspec (~> 1.3)
  ruby-debug (>= 0.10.3)
  uuidtools (>= 1.0.7)
